GEM
  remote: https://rubygems.org/
  specs:
    stomp (1.3.4)

PLATFORMS
  ruby

DEPENDENCIES
  stomp (~> 1.3, >= 1.3.4)

BUNDLED WITH
   1.11.2
